PATH
  remote: .
  specs:
    linda-socket.io-client (0.0.3)
      event_emitter
      hashie
      json
      socket.io-client-simple (>= 0.0.3)

GEM
  remote: https://rubygems.org/
  specs:
    event_emitter (0.2.5)
    hashie (2.0.5)
    httparty (0.12.0)
      json (~> 1.8)
      multi_xml (>= 0.5.2)
    json (1.8.1)
    minitest (5.2.1)
    multi_xml (0.5.5)
    rake (10.1.1)
    socket.io-client-simple (0.0.4)
      event_emitter
      httparty
      json
      websocket-client-simple (>= 0.0.6)
    websocket (1.1.2)
    websocket-client-simple (0.0.6)
      event_emitter
      websocket

PLATFORMS
  ruby

DEPENDENCIES
  bundler (~> 1.3)
  linda-socket.io-client!
  minitest
  rake
